PATH
  remote: .
  specs:
    devcamp_cool_view_tool (0.2.0)

GEM
  remote: https://rubygems.org/
  specs:
    rake (10.5.0)

PLATFORMS
  ruby

DEPENDENCIES
  bundler (~> 2.0)
  devcamp_cool_view_tool!
  rake (~> 10.0)

BUNDLED WITH
   2.0.1
